GEM
  remote: https://rubygems.org/
  specs:
    builder (3.2.4)
    faraday (1.7.2)
      faraday-em_http (~> 1.0)
      faraday-em_synchrony (~> 1.0)
      faraday-excon (~> 1.1)
      faraday-httpclient (~> 1.0.1)
      faraday-net_http (~> 1.0)
      faraday-net_http_persistent (~> 1.1)
      faraday-patron (~> 1.0)
      faraday-rack (~> 1.0)
      multipart-post (>= 1.2, < 3)
      ruby2_keywords (>= 0.0.4)
    faraday-em_http (1.0.0)
    faraday-em_synchrony (1.0.0)
    faraday-excon (1.1.0)
    faraday-httpclient (1.0.1)
    faraday-net_http (1.0.1)
    faraday-net_http_persistent (1.2.0)
    faraday-patron (1.0.0)
    faraday-rack (1.0.0)
    faraday_middleware (1.1.0)
      faraday (~> 1.0)
    multipart-post (2.1.1)
    namae (1.1.1)
    oai (1.1.0)
      builder (>= 3.1.0)
      faraday
      faraday_middleware
    rexml (3.2.5)
    ruby2_keywords (0.0.5)

PLATFORMS
  ruby

DEPENDENCIES
  namae (~> 1.1)
  oai (~> 1.1)
  rexml (~> 3.2)

BUNDLED WITH
   2.1.4
